GEM
  remote: http://rubygems.org/
  specs:
    embed_google (0.0.1)
    haml (3.1.2)
    rack (1.3.1)
    sass (3.1.4)
    sinatra (1.2.6)
      rack (~> 1.1)
      tilt (>= 1.2.2, < 2.0)
    tilt (1.3.2)

PLATFORMS
  ruby

DEPENDENCIES
  embed_google
  haml
  sass
  sinatra
